GEM
  remote: https://rubygems.org/
  specs:
    circular_list (0.0.4)
    coderay (1.0.9)
    method_source (0.8.2)
    pry (0.9.12.2)
      coderay (~> 1.0.5)
      method_source (~> 0.8)
      slop (~> 3.4)
    slop (3.4.6)

PLATFORMS
  ruby

DEPENDENCIES
  circular_list
  pry
